PATH
  remote: .
  specs:
    reedb (0.10.rc2)
      aes (~> 0.5)
      daemons (~> 1.2)
      digest-tiger (~> 1.0)
      json (~> 1.8)
      sinatra (~> 1.4)
      twofish (~> 1.0)

GEM
  remote: https://rubygems.org/
  specs:
    aes (0.5.0)
    daemons (1.2.2)
    digest-tiger (1.0.2)
    json (1.8.2)
    rack (1.6.1)
    rack-protection (1.5.3)
      rack
    rake (10.4.2)
    sinatra (1.4.6)
      rack (~> 1.4)
      rack-protection (~> 1.4)
      tilt (>= 1.3, < 3)
    tilt (2.0.1)
    twofish (1.0.5)
    yard (0.8.7.6)

PLATFORMS
  ruby

DEPENDENCIES
  bundler (~> 1.7)
  rake (~> 10.0)
  reedb!
  yard (~> 0.8)

BUNDLED WITH
   1.10.2
