PATH
  remote: .
  specs:
    reedb (0.1.0)

GEM
  remote: https://rubygems.org/
  specs:
    aes (0.5.0)
    bson (2.3.0)
    json (1.8.2)
    rake (10.4.2)
    twofish (1.0.5)

PLATFORMS
  ruby

DEPENDENCIES
  aes (>= 0.5.0)
  bson (~> 2.3.0)
  bundler (~> 1.7)
  json (~> 1.8.2)
  rake (~> 10.0)
  reedb!
  twofish (>= 1.0.5)
